GEM
  remote: https://rubygems.org/
  specs:
    json (1.8.0)
    minitest (4.7.5)
    rdoc (4.0.1)
      json (~> 1.4)

PLATFORMS
  ruby

DEPENDENCIES
  bundler
  minitest
  rdoc
